PATH
  remote: ../code/bloc_record
  specs:
    bloc_record (0.0.0)
      sqlite3 (~> 1.3)

GEM
  remote: https://rubygems.org/
  specs:
    sqlite3 (1.3.13)

PLATFORMS
  ruby

DEPENDENCIES
  bloc_record!
  sqlite3 (~> 1.3)

BUNDLED WITH
   1.15.3
